PATH
  remote: .
  specs:
    mongodb-scheduler (1.0.0)
      bson_ext
      hanami-cli
      hanami-mongoid
      logger
      mongoid
      rainbow

GEM
  remote: https://rubygems.org/
  specs:
    activesupport (7.0.4.1)
      concurrent-ruby (~> 1.0, >= 1.0.2)
      i18n (>= 1.6, < 2)
      minitest (>= 5.1)
      tzinfo (~> 2.0)
    bson (4.5.0)
    bson_ext (1.5.1)
    concurrent-ruby (1.1.10)
    diff-lcs (1.3)
    durran-validatable (2.0.1)
    hanami-cli (0.3.1)
      concurrent-ruby (~> 1.0)
      hanami-utils (~> 1.3)
    hanami-mongoid (0.1.9)
      mongoid
    hanami-utils (1.3.1)
      concurrent-ruby (~> 1.0)
      transproc (~> 1.0)
    i18n (1.12.0)
      concurrent-ruby (~> 1.0)
    leshill-will_paginate (2.3.11)
    logger (1.3.0)
    minitest (5.17.0)
    mongo (2.8.0)
      bson (>= 4.4.2, < 5.0.0)
    mongoid (1.0.6)
      activesupport (>= 2.2.2)
      durran-validatable (>= 2.0.1)
      leshill-will_paginate (>= 2.3.11)
      mongo (>= 0.18.2)
    rainbow (3.0.0)
    rake (10.5.0)
    rspec (3.8.0)
      rspec-core (~> 3.8.0)
      rspec-expectations (~> 3.8.0)
      rspec-mocks (~> 3.8.0)
    rspec-core (3.8.0)
      rspec-support (~> 3.8.0)
    rspec-expectations (3.8.2)
      diff-lcs (>= 1.2.0, < 2.0)
      rspec-support (~> 3.8.0)
    rspec-mocks (3.8.0)
      diff-lcs (>= 1.2.0, < 2.0)
      rspec-support (~> 3.8.0)
    rspec-support (3.8.0)
    transproc (1.0.3)
    tzinfo (2.0.5)
      concurrent-ruby (~> 1.0)

PLATFORMS
  ruby

DEPENDENCIES
  bundler (~> 2.0)
  mongodb-scheduler!
  rake (~> 10.0)
  rspec (~> 3.0)

BUNDLED WITH
   2.0.1
